GEM
  remote: https://rubygems.org/
  specs:
    choice (0.2.0)
    curb (0.9.7)
    mini_portile2 (2.4.0)
    nokogiri (1.10.10)
      mini_portile2 (~> 2.4.0)

PLATFORMS
  ruby

DEPENDENCIES
  choice
  curb
  nokogiri

BUNDLED WITH
   2.0.1
