GEM
  remote: https://rubygems.org/
  specs:
    choice (0.2.0)
    curb (0.9.7)
    mini_portile2 (2.5.1)
    nokogiri (1.11.4)
      mini_portile2 (~> 2.5.0)
      racc (~> 1.4)
    racc (1.5.2)

PLATFORMS
  ruby

DEPENDENCIES
  choice
  curb
  nokogiri

BUNDLED WITH
   2.0.1
